GEM
  remote: https://rubygems.org/
  specs:
    dotenv (2.7.6)
    excon (0.85.0)
    haml (5.2.2)
      temple (>= 0.8.0)
      tilt
    httparty (0.18.1)
      mime-types (~> 3.0)
      multi_xml (>= 0.5.2)
    mime-types (3.3.1)
      mime-types-data (~> 3.2015)
    mime-types-data (3.2021.0901)
    multi_xml (0.6.0)
    nio4r (2.5.8)
    puma (5.5.0)
      nio4r (~> 2.0)
    rack (2.2.3)
    roda (3.48.0)
      rack
    ruby-openai (1.3.1)
      dotenv (~> 2.7.6)
      httparty (~> 0.18.1)
    temple (0.8.2)
    tilt (2.0.10)

PLATFORMS
  x86_64-linux

DEPENDENCIES
  excon (~> 0.85.0)
  haml (~> 5.2.2)
  puma
  roda (~> 3.48.0)
  ruby-openai (~> 1.3)

BUNDLED WITH
   2.2.25
