GEM
  remote: https://rubygems.org/
  specs:
    excon (0.85.0)
    haml (5.2.1)
      temple (>= 0.8.0)
      tilt
    nio4r (2.5.8)
    puma (5.5.0)
      nio4r (~> 2.0)
    rack (2.2.3)
    roda (3.48.0)
      rack
    temple (0.8.2)
    tilt (2.0.10)

PLATFORMS
  x86_64-linux

DEPENDENCIES
  excon
  haml
  puma
  roda

BUNDLED WITH
   2.2.25
